GEM
  remote: https://rubygems.org/
  specs:
    actioncable (5.0.0.1)
      actionpack (= 5.0.0.1)
      nio4r (~> 1.2)
      websocket-driver (~> 0.6.1)
    actionmailer (5.0.0.1)
      actionpack (= 5.0.0.1)
      actionview (= 5.0.0.1)
      activejob (= 5.0.0.1)
      mail (~> 2.5, >= 2.5.4)
      rails-dom-testing (~> 2.0)
    actionpack (5.0.0.1)
      actionview (= 5.0.0.1)
      activesupport (= 5.0.0.1)
      rack (~> 2.0)
      rack-test (~> 0.6.3)
      rails-dom-testing (~> 2.0)
      rails-html-sanitizer (~> 1.0, >= 1.0.2)
    actionview (5.0.0.1)
      activesupport (= 5.0.0.1)
      builder (~> 3.1)
      erubis (~> 2.7.0)
      rails-dom-testing (~> 2.0)
      rails-html-sanitizer (~> 1.0, >= 1.0.2)
    active_job_status (1.2.1)
      activejob (> 4.2)
      activesupport (> 4.2)
    activejob (5.0.0.1)
      activesupport (= 5.0.0.1)
      globalid (>= 0.3.6)
    activemodel (5.0.0.1)
      activesupport (= 5.0.0.1)
    activerecord (5.0.0.1)
      activemodel (= 5.0.0.1)
      activesupport (= 5.0.0.1)
      arel (~> 7.0)
    activerecord-import (0.19.0)
      activerecord (>= 3.2)
    activesupport (5.0.0.1)
      concurrent-ruby (~> 1.0, >= 1.0.2)
      i18n (~> 0.7)
      minitest (~> 5.1)
      tzinfo (~> 1.1)
    addressable (2.4.0)
    arel (7.1.4)
    ast (2.3.0)
    attr_encrypted (3.0.3)
      encryptor (~> 3.0.0)
    axiom-types (0.1.1)
      descendants_tracker (~> 0.0.4)
      ice_nine (~> 0.11.0)
      thread_safe (~> 0.3, >= 0.3.1)
    bcrypt (3.1.11)
    breadcrumbs_on_rails (3.0.1)
    builder (3.2.2)
    byebug (9.0.6)
    capybara (2.11.0)
      addressable
      mime-types (>= 1.16)
      nokogiri (>= 1.3.3)
      rack (>= 1.0.0)
      rack-test (>= 0.5.4)
      xpath (~> 2.0)
    codeclimate-engine-rb (0.4.0)
      virtus (~> 1.0)
    coercible (1.0.0)
      descendants_tracker (~> 0.0.1)
    coffee-rails (4.2.1)
      coffee-script (>= 2.2.0)
      railties (>= 4.0.0, < 5.2.x)
    coffee-script (2.4.1)
      coffee-script-source
      execjs
    coffee-script-source (1.10.0)
    colorize (0.8.1)
    concurrent-ruby (1.0.2)
    connection_pool (2.2.1)
    crack (0.4.3)
      safe_yaml (~> 1.0.0)
    database_cleaner (1.5.3)
    debug_inspector (0.0.2)
    descendants_tracker (0.0.4)
      thread_safe (~> 0.3, >= 0.3.1)
    devise (4.2.0)
      bcrypt (~> 3.0)
      orm_adapter (~> 0.1)
      railties (>= 4.1.0, < 5.1)
      responders
      warden (~> 1.2.3)
    diff-lcs (1.2.5)
    encryptor (3.0.0)
    equalizer (0.0.11)
    erubis (2.7.0)
    execjs (2.7.0)
    factory_girl (4.7.0)
      activesupport (>= 3.0.0)
    factory_girl_rails (4.7.0)
      factory_girl (~> 4.7.0)
      railties (>= 3.0.0)
    faker (1.7.3)
      i18n (~> 0.5)
    faraday (0.9.2)
      multipart-post (>= 1.2, < 3)
    ffi (1.9.14)
    flay (2.8.1)
      erubis (~> 2.7.0)
      path_expander (~> 1.0)
      ruby_parser (~> 3.0)
      sexp_processor (~> 4.0)
    flog (4.4.0)
      path_expander (~> 1.0)
      ruby_parser (~> 3.1, > 3.1.0)
      sexp_processor (~> 4.4)
    font-awesome-rails (4.7.0.0)
      railties (>= 3.2, < 5.1)
    friendly_id (5.1.0)
      activerecord (>= 4.0.0)
    globalid (0.3.7)
      activesupport (>= 4.1.0)
    hashdiff (0.3.1)
    i18n (0.8.4)
    ice_nine (0.11.2)
    jbuilder (2.6.0)
      activesupport (>= 3.0.0, < 5.1)
      multi_json (~> 1.2)
    jquery-rails (4.2.1)
      rails-dom-testing (>= 1, < 3)
      railties (>= 4.2.0)
      thor (>= 0.14, < 2.0)
    kaminari (0.17.0)
      actionpack (>= 3.0.0)
      activesupport (>= 3.0.0)
    koala (2.4.0)
      addressable
      faraday
      multi_json (>= 1.3.0)
    launchy (2.4.3)
      addressable (~> 2.3)
    listen (3.0.8)
      rb-fsevent (~> 0.9, >= 0.9.4)
      rb-inotify (~> 0.9, >= 0.9.7)
    loofah (2.0.3)
      nokogiri (>= 1.5.9)
    mail (2.6.4)
      mime-types (>= 1.16, < 4)
    meta-tags (2.4.0)
      actionpack (>= 3.2.0, <= 5.1.0)
    method_source (0.8.2)
    mime-types (3.1)
      mime-types-data (~> 3.2015)
    mime-types-data (3.2016.0521)
    mini_portile2 (2.1.0)
    minitest (5.9.1)
    multi_json (1.12.1)
    multipart-post (2.0.0)
    nio4r (1.2.1)
    nokogiri (1.6.8.1)
      mini_portile2 (~> 2.1.0)
    orm_adapter (0.5.0)
    parser (2.3.1.2)
      ast (~> 2.2)
    path_expander (1.0.0)
    pg (0.19.0)
    powerpack (0.1.1)
    puma (3.6.0)
    rack (2.0.1)
    rack-protection (1.5.3)
      rack
    rack-test (0.6.3)
      rack (>= 1.0)
    railroady (1.5.2)
    rails (5.0.0.1)
      actioncable (= 5.0.0.1)
      actionmailer (= 5.0.0.1)
      actionpack (= 5.0.0.1)
      actionview (= 5.0.0.1)
      activejob (= 5.0.0.1)
      activemodel (= 5.0.0.1)
      activerecord (= 5.0.0.1)
      activesupport (= 5.0.0.1)
      bundler (>= 1.3.0, < 2.0)
      railties (= 5.0.0.1)
      sprockets-rails (>= 2.0.0)
    rails-controller-testing (1.0.1)
      actionpack (~> 5.x)
      actionview (~> 5.x)
      activesupport (~> 5.x)
    rails-dom-testing (2.0.1)
      activesupport (>= 4.2.0, < 6.0)
      nokogiri (~> 1.6.0)
    rails-html-sanitizer (1.0.3)
      loofah (~> 2.0)
    railties (5.0.0.1)
      actionpack (= 5.0.0.1)
      activesupport (= 5.0.0.1)
      method_source
      rake (>= 0.8.7)
      thor (>= 0.18.1, < 2.0)
    rainbow (2.1.0)
    rake (11.3.0)
    rb-fsevent (0.9.8)
    rb-inotify (0.9.7)
      ffi (>= 0.5.0)
    redis (3.3.2)
    redis-actionpack (5.0.1)
      actionpack (>= 4.0, < 6)
      redis-rack (>= 1, < 3)
      redis-store (>= 1.1.0, < 1.4.0)
    redis-activesupport (5.0.1)
      activesupport (>= 3, < 6)
      redis-store (~> 1.2.0)
    redis-namespace (1.5.2)
      redis (~> 3.0, >= 3.0.4)
    redis-rack (2.0.0)
      rack (~> 2.0)
      redis-store (~> 1.2.0)
    redis-rails (5.0.1)
      redis-actionpack (~> 5.0.0)
      redis-activesupport (~> 5.0.0)
      redis-store (~> 1.2.0)
    redis-store (1.2.0)
      redis (>= 2.2)
    reek (4.5.1)
      codeclimate-engine-rb (~> 0.4.0)
      parser (~> 2.3.1, >= 2.3.1.2)
      rainbow (~> 2.0)
    responders (2.3.0)
      railties (>= 4.2.0, < 5.1)
    rspec-core (3.5.4)
      rspec-support (~> 3.5.0)
    rspec-expectations (3.5.0)
      diff-lcs (>= 1.2.0, < 2.0)
      rspec-support (~> 3.5.0)
    rspec-mocks (3.5.0)
      diff-lcs (>= 1.2.0, < 2.0)
      rspec-support (~> 3.5.0)
    rspec-rails (3.5.2)
      actionpack (>= 3.0)
      activesupport (>= 3.0)
      railties (>= 3.0)
      rspec-core (~> 3.5.0)
      rspec-expectations (~> 3.5.0)
      rspec-mocks (~> 3.5.0)
      rspec-support (~> 3.5.0)
    rspec-support (3.5.0)
    rubocop (0.44.1)
      parser (>= 2.3.1.1, < 3.0)
      powerpack (~> 0.1)
      rainbow (>= 1.99.1, < 3.0)
      ruby-progressbar (~> 1.7)
      unicode-display_width (~> 1.0, >= 1.0.1)
    ruby-progressbar (1.8.1)
    ruby_parser (3.8.3)
      sexp_processor (~> 4.1)
    rubycritic (2.9.4)
      colorize
      flay (~> 2.8)
      flog (~> 4.4)
      launchy (= 2.4.3)
      parser (= 2.3.1.2)
      reek (~> 4.4)
      ruby_parser (~> 3.8)
      virtus (~> 1.0)
    safe_yaml (1.0.4)
    sass (3.4.22)
    sass-rails (5.0.6)
      railties (>= 4.0.0, < 6)
      sass (~> 3.1)
      sprockets (>= 2.8, < 4.0)
      sprockets-rails (>= 2.0, < 4.0)
      tilt (>= 1.1, < 3)
    sexp_processor (4.7.0)
    sidekiq (4.2.7)
      concurrent-ruby (~> 1.0)
      connection_pool (~> 2.2, >= 2.2.0)
      rack-protection (>= 1.5.0)
      redis (~> 3.2, >= 3.2.1)
    simple_form (3.3.1)
      actionpack (> 4, < 5.1)
      activemodel (> 4, < 5.1)
    sitemap_generator (5.2.0)
      builder (~> 3.0)
    spring (2.0.0)
      activesupport (>= 4.2)
    spring-watcher-listen (2.0.1)
      listen (>= 2.7, < 4.0)
      spring (>= 1.2, < 3.0)
    sprockets (3.7.0)
      concurrent-ruby (~> 1.0)
      rack (> 1, < 3)
    sprockets-rails (3.2.0)
      actionpack (>= 4.0)
      activesupport (>= 4.0)
      sprockets (>= 3.0.0)
    thor (0.19.1)
    thread_safe (0.3.5)
    tilt (2.0.5)
    tzinfo (1.2.2)
      thread_safe (~> 0.1)
    uglifier (3.0.3)
      execjs (>= 0.3.0, < 3)
    unicode-display_width (1.1.1)
    vcr (3.0.3)
    virtus (1.0.5)
      axiom-types (~> 0.1)
      coercible (~> 1.0)
      descendants_tracker (~> 0.0, >= 0.0.3)
      equalizer (~> 0.0, >= 0.0.9)
    warden (1.2.6)
      rack (>= 1.0)
    web-console (3.3.1)
      actionview (>= 5.0)
      activemodel (>= 5.0)
      debug_inspector
      railties (>= 5.0)
    webmock (2.1.0)
      addressable (>= 2.3.6)
      crack (>= 0.3.2)
      hashdiff
    websocket-driver (0.6.4)
      websocket-extensions (>= 0.1.0)
    websocket-extensions (0.1.2)
    xpath (2.0.0)
      nokogiri (~> 1.3)

PLATFORMS
  ruby

DEPENDENCIES
  active_job_status
  activerecord-import
  attr_encrypted (~> 3.0.0)
  breadcrumbs_on_rails
  byebug
  capybara
  coffee-rails (~> 4.2)
  database_cleaner
  devise
  factory_girl_rails (~> 4.0)
  faker
  font-awesome-rails
  friendly_id (~> 5.1.0)
  jbuilder (~> 2.5)
  jquery-rails
  kaminari
  koala (~> 2.2)
  listen (~> 3.0.5)
  meta-tags
  pg (~> 0.18)
  puma (~> 3.0)
  railroady
  rails (~> 5.0.0, >= 5.0.0.1)
  rails-controller-testing
  redis-namespace
  redis-rails
  rspec-rails (~> 3.5)
  rubocop
  rubycritic
  sass-rails (~> 5.0)
  sidekiq
  simple_form
  sitemap_generator
  spring
  spring-watcher-listen (~> 2.0.0)
  tzinfo-data
  uglifier (>= 1.3.0)
  vcr
  web-console
  webmock

BUNDLED WITH
   1.14.6
